GEM
  remote: http://gemcutter.org/
  specs:
    haml (3.1.3)
    r18n-core (0.4.11)
    rack (1.3.5)
    rack-cache (1.1)
      rack (>= 0.4)
    rack-contrib (1.1.0)
      rack (>= 0.9.1)
    rack-protection (1.1.4)
      rack
    rdiscount (1.6.8)
    shotgun (0.9)
      rack (>= 1.0)
    sinatra (1.3.1)
      rack (~> 1.3, >= 1.3.4)
      rack-protection (~> 1.1, >= 1.1.2)
      tilt (~> 1.3, >= 1.3.3)
    sinatra-r18n (0.4.11)
      r18n-core (= 0.4.11)
      sinatra (>= 1.3)
    tilt (1.3.3)

PLATFORMS
  ruby

DEPENDENCIES
  haml
  rack-cache
  rack-contrib
  rdiscount
  shotgun
  sinatra
  sinatra-r18n
