GEM
  remote: http://gemcutter.org/
  specs:
    git-version-bump (0.15.1)
    haml (4.0.7)
      tilt
    puma (2.15.3)
    r18n-core (2.1.2)
    rack (1.6.4)
    rack-cache (1.5.1)
      rack (>= 0.4)
    rack-contrib (1.4.0)
      git-version-bump (~> 0.15)
      rack (~> 1.4)
    rack-protection (1.5.3)
      rack
    rdiscount (2.1.8)
    shotgun (0.9.1)
      rack (>= 1.0)
    sinatra (1.4.6)
      rack (~> 1.4)
      rack-protection (~> 1.4)
      tilt (>= 1.3, < 3)
    sinatra-r18n (2.1.2)
      r18n-core (= 2.1.2)
      sinatra (>= 1.3)
    tilt (2.0.2)

PLATFORMS
  ruby

DEPENDENCIES
  haml
  puma
  rack-cache
  rack-contrib
  rdiscount
  shotgun
  sinatra
  sinatra-r18n

BUNDLED WITH
   1.11.2
