GEM
  remote: http://gemcutter.org/
  specs:
    haml (3.0.23)
    r18n-core (0.4.8)
    rack (1.2.1)
    rack-cache (0.5.3)
      rack (>= 0.4)
    rdiscount (1.6.5)
    sinatra (1.1.0)
      rack (~> 1.1)
      tilt (~> 1.1)
    sinatra-r18n (0.4.8)
      r18n-core (= 0.4.8)
    tilt (1.1)

PLATFORMS
  ruby

DEPENDENCIES
  haml
  rack-cache
  rdiscount
  sinatra
  sinatra-r18n
